GEM
  remote: http://rubygems.org/
  specs:
    bluecloth (2.1.0)
    git (1.2.5)
    jeweler (1.6.2)
      bundler (~> 1.0)
      git (>= 1.2.5)
      rake
    nokogiri (1.5.0)
    rake (0.9.2)
    rdoc (3.8)
    shoulda (2.11.3)
    yard (0.7.2)

PLATFORMS
  ruby

DEPENDENCIES
  bluecloth
  bundler
  jeweler
  nokogiri
  rake
  rdoc
  shoulda
  yard
